PATH
  remote: .
  specs:
    pagseguro-transparente (1.0.1)
      activemodel (= 3.0.20)
      httparty (~> 0.13)
      i18n (~> 0.5.4)
      json (>= 1.8.2, < 2.4.0)
      nokogiri (~> 1.6)
      safe_yaml (~> 1.0.4)

GEM
  remote: https://rubygems.org/
  specs:
    activemodel (3.0.20)
      activesupport (= 3.0.20)
      builder (~> 2.1.2)
      i18n (~> 0.5.0)
    activesupport (3.0.20)
    addressable (2.3.7)
    builder (2.1.2)
    coveralls (0.7.11)
      multi_json (~> 1.10)
      rest-client (>= 1.6.8, < 2)
      simplecov (~> 0.9.1)
      term-ansicolor (~> 1.3)
      thor (~> 0.19.1)
    crack (0.4.2)
      safe_yaml (~> 1.0.0)
    diff-lcs (1.2.5)
    docile (1.1.5)
    httparty (0.14.0)
      multi_xml (>= 0.5.2)
    i18n (0.5.4)
    json (2.3.0)
    mime-types (2.4.3)
    mini_portile2 (2.1.0)
    multi_json (1.11.0)
    multi_xml (0.6.0)
    netrc (0.10.3)
    nokogiri (1.6.8.1)
      mini_portile2 (~> 2.1.0)
    rake (10.4.2)
    rest-client (1.7.3)
      mime-types (>= 1.16, < 3.0)
      netrc (~> 0.7)
    rspec (2.99.0)
      rspec-core (~> 2.99.0)
      rspec-expectations (~> 2.99.0)
      rspec-mocks (~> 2.99.0)
    rspec-core (2.99.2)
    rspec-expectations (2.99.2)
      diff-lcs (>= 1.1.3, < 2.0)
    rspec-mocks (2.99.3)
    safe_yaml (1.0.4)
    shoulda-matchers (2.5.0)
      activesupport (>= 3.0.0)
    simplecov (0.9.2)
      docile (~> 1.1.0)
      multi_json (~> 1.0)
      simplecov-html (~> 0.9.0)
    simplecov-html (0.9.0)
    term-ansicolor (1.3.0)
      tins (~> 1.0)
    thor (0.19.1)
    thread_safe (0.3.4)
    tins (1.3.5)
    webmock (1.20.4)
      addressable (>= 2.3.6)
      crack (>= 0.3.2)

PLATFORMS
  ruby

DEPENDENCIES
  bundler (~> 1.8)
  coveralls (~> 0.7)
  pagseguro-transparente!
  rake (~> 10.4)
  rspec (~> 2.99)
  shoulda-matchers (= 2.5)
  thread_safe (~> 0.3)
  webmock (~> 1.18)
